GEM
  remote: https://rubygems.org/
  specs:
    activemodel (4.2.0)
      activesupport (= 4.2.0)
      builder (~> 3.1)
    activerecord (4.2.0)
      activemodel (= 4.2.0)
      activesupport (= 4.2.0)
      arel (~> 6.0)
    activesupport (4.2.0)
      i18n (~> 0.7)
      json (~> 1.7, >= 1.7.7)
      minitest (~> 5.1)
      thread_safe (~> 0.3, >= 0.3.4)
      tzinfo (~> 1.1)
    arel (6.0.0)
    av (0.8.0)
      cocaine
    aws-sdk (1.5.8)
      httparty (~> 0.7)
      json (~> 1.4)
      nokogiri (>= 1.4.4)
      uuidtools (~> 2.1)
    bcrypt (3.1.7)
    builder (3.2.2)
    celluloid (0.16.0)
      timers (~> 4.0.0)
    chunky_png (1.3.3)
    climate_control (0.0.3)
      activesupport (>= 3.0)
    cocaine (0.5.5)
      climate_control (>= 0.0.3, < 1.0)
    coderay (1.1.0)
    compass (1.0.3)
      chunky_png (~> 1.2)
      compass-core (~> 1.0.2)
      compass-import-once (~> 1.0.5)
      rb-fsevent (>= 0.9.3)
      rb-inotify (>= 0.9)
      sass (>= 3.3.13, < 3.5)
    compass-core (1.0.3)
      multi_json (~> 1.0)
      sass (>= 3.3.0, < 3.5)
    compass-import-once (1.0.5)
      sass (>= 3.2, < 3.5)
    connection_pool (2.1.0)
    database_cleaner (1.2.0)
    delayed_paperclip (2.9.0)
      paperclip (>= 3.3)
    diff-lcs (1.2.5)
    domain_name (0.5.23)
      unf (>= 0.0.5, < 1.0.0)
    dotenv (1.0.2)
    execjs (2.2.2)
    factory_girl (4.4.0)
      activesupport (>= 3.0.0)
    ffi (1.9.6)
    foreman (0.77.0)
      dotenv (~> 1.0.2)
      thor (~> 0.19.1)
    forgery (0.6.0)
    haml (4.0.6)
      tilt
    hike (1.2.3)
    hitimes (1.2.2)
    http-cookie (1.0.2)
      domain_name (~> 0.5)
    http_router (0.11.1)
      rack (>= 1.0.0)
      url_mount (~> 0.2.1)
    httparty (0.13.1)
      json (~> 1.8)
      multi_xml (>= 0.5.2)
    i18n (0.7.0)
    json (1.8.2)
    mail (2.5.4)
      mime-types (~> 1.16)
      treetop (~> 1.4.8)
    mechanize (2.7.2)
      domain_name (~> 0.5, >= 0.5.1)
      http-cookie (~> 1.0.0)
      mime-types (~> 1.17, >= 1.17.2)
      net-http-digest_auth (~> 1.1, >= 1.1.1)
      net-http-persistent (~> 2.5, >= 2.5.2)
      nokogiri (~> 1.4)
      ntlm-http (~> 0.1, >= 0.1.1)
      webrobots (>= 0.0.9, < 0.2)
    method_source (0.8.2)
    mime-types (1.25.1)
    mini_portile (0.6.2)
    minitest (5.5.1)
    moneta (0.7.20)
    multi_json (1.10.1)
    multi_xml (0.5.5)
    net-http-digest_auth (1.4)
    net-http-persistent (2.9.4)
    nokogiri (1.6.5)
      mini_portile (~> 0.6.0)
    ntlm-http (0.1.1)
    oj (2.11.2)
    padrino (0.12.4)
      padrino-admin (= 0.12.4)
      padrino-cache (= 0.12.4)
      padrino-core (= 0.12.4)
      padrino-gen (= 0.12.4)
      padrino-helpers (= 0.12.4)
      padrino-mailer (= 0.12.4)
      padrino-support (= 0.12.4)
    padrino-admin (0.12.4)
      padrino-core (= 0.12.4)
      padrino-helpers (= 0.12.4)
    padrino-assets (0.3.1)
      padrino-core
      padrino-helpers
      sprockets (~> 2.4.0)
    padrino-cache (0.12.4)
      moneta (~> 0.7.0)
      padrino-core (= 0.12.4)
      padrino-helpers (= 0.12.4)
    padrino-core (0.12.4)
      activesupport (>= 3.1)
      http_router (~> 0.11.0)
      padrino-support (= 0.12.4)
      rack-protection (>= 1.5.0)
      sinatra (~> 1.4.2)
      thor (~> 0.18)
    padrino-gen (0.12.4)
      bundler (~> 1.0)
      padrino-core (= 0.12.4)
    padrino-helpers (0.12.4)
      i18n (~> 0.6, >= 0.6.7)
      padrino-support (= 0.12.4)
      tilt (~> 1.4.1)
    padrino-mailer (0.12.4)
      mail (~> 2.5.3)
      padrino-core (= 0.12.4)
    padrino-support (0.12.4)
      activesupport (>= 3.1)
    paperclip (4.2.1)
      activemodel (>= 3.0.0)
      activesupport (>= 3.0.0)
      cocaine (~> 0.5.3)
      mime-types
    pg (0.18.1)
    polyglot (0.3.5)
    pry (0.10.1)
      coderay (~> 1.1.0)
      method_source (~> 0.8.1)
      slop (~> 3.4)
    puma (2.10.2)
      rack (>= 1.1, < 2.0)
    rack (1.6.0)
    rack-protection (1.5.3)
      rack
    rack-test (0.6.3)
      rack (>= 1.0)
    racksh (1.0.0)
      rack (>= 1.0)
      rack-test (>= 0.5)
    rake (10.4.2)
    rb-fsevent (0.9.4)
    rb-inotify (0.9.5)
      ffi (>= 0.5.0)
    redis (3.2.0)
    redis-namespace (1.5.1)
      redis (~> 3.0, >= 3.0.4)
    rspec (3.1.0)
      rspec-core (~> 3.1.0)
      rspec-expectations (~> 3.1.0)
      rspec-mocks (~> 3.1.0)
    rspec-core (3.1.7)
      rspec-support (~> 3.1.0)
    rspec-expectations (3.1.2)
      diff-lcs (>= 1.2.0, < 2.0)
      rspec-support (~> 3.1.0)
    rspec-mocks (3.1.3)
      rspec-support (~> 3.1.0)
    rspec-support (3.1.2)
    sass (3.4.9)
    sidekiq (3.3.0)
      celluloid (>= 0.16.0)
      connection_pool (>= 2.0.0)
      json
      redis (>= 3.0.6)
      redis-namespace (>= 1.3.1)
    sinatra (1.4.5)
      rack (~> 1.4)
      rack-protection (~> 1.4)
      tilt (~> 1.3, >= 1.3.4)
    slop (3.6.0)
    sprockets (2.4.6)
      hike (~> 1.2)
      multi_json (~> 1.0)
      rack (~> 1.0)
      tilt (~> 1.1, != 1.3.0)
    sprockets-sass (1.3.1)
      sprockets (~> 2.0)
      tilt (~> 1.1)
    thor (0.19.1)
    thread_safe (0.3.4)
    tilt (1.4.1)
    timers (4.0.1)
      hitimes
    treetop (1.4.15)
      polyglot
      polyglot (>= 0.3.1)
    tzinfo (1.2.2)
      thread_safe (~> 0.1)
    uglifier (2.7.0)
      execjs (>= 0.3.0)
      json (>= 1.8.0)
    unf (0.1.4)
      unf_ext
    unf_ext (0.0.6)
    url_mount (0.2.1)
      rack
    uuidtools (2.1.5)
    webrobots (0.1.1)
    will_paginate (3.0.7)
    yui-compressor (0.12.0)

PLATFORMS
  ruby

DEPENDENCIES
  activerecord (>= 3.1)
  av
  aws-sdk (~> 1.5.7)
  bcrypt
  compass (~> 1.0.1)
  database_cleaner (~> 1.2.0)
  delayed_paperclip
  dotenv
  factory_girl
  foreman
  forgery
  haml
  httparty
  mechanize
  oj
  padrino (= 0.12.4)
  padrino-assets
  paperclip
  pg
  pry
  puma
  rack-test
  racksh
  rake
  rspec
  sass
  sidekiq
  sprockets-sass
  uglifier
  will_paginate
  yui-compressor
